GEM
  remote: https://rubygems.org/
  specs:
    noft (1.0.1)
      reality-core (>= 1.8.0)
      reality-facets (>= 1.9.0)
      reality-generators (>= 1.14.0)
      reality-mda (>= 1.8.0)
      reality-model (>= 1.3.0)
      reality-naming (>= 1.9.0)
      reality-orderedhash (>= 1.0.0)
      schmooze (= 0.1.6)
    reality-core (1.8.0)
    reality-facets (1.9.0)
      reality-core (>= 1.8.0)
      reality-naming (>= 1.9.0)
      reality-orderedhash (>= 1.0.0)
    reality-generators (1.14.0)
      reality-core (>= 1.7.0)
      reality-naming (>= 1.9.0)
      reality-orderedhash (>= 1.0.0)
    reality-mda (1.8.0)
      reality-core (>= 1.8.0)
      reality-facets (>= 1.9.0)
      reality-generators (>= 1.12.0)
      reality-model (>= 1.3.0)
      reality-naming (>= 1.9.0)
      reality-orderedhash (>= 1.0.0)
    reality-model (1.3.0)
      reality-core (>= 1.8.0)
      reality-naming (>= 1.9.0)
      reality-orderedhash (>= 1.0.0)
    reality-naming (1.9.0)
    reality-orderedhash (1.0.0)
    schmooze (0.1.6)

PLATFORMS
  ruby

DEPENDENCIES
  noft (= 1.0.1)

BUNDLED WITH
   1.15.1
