PATH
  remote: vendor/tools/noft
  specs:
    noft (1.0.0)
      reality-core (>= 1.8.0)
      reality-facets (>= 1.8.0)
      reality-generators (>= 1.13.0)
      reality-mda (>= 1.7.0)
      reality-model (>= 1.2.0)
      reality-naming (>= 1.9.0)
      reality-orderedhash (>= 1.0.0)
      schmooze (= 0.1.6)

GEM
  remote: https://rubygems.org/
  specs:
    arrayfields (4.9.2)
    atoulme-Antwrap (0.7.5)
      rjb (>= 1.0.3)
    braid (1.0.20)
      main (>= 4.7.3)
      open4 (>= 1.0.1)
    builder (3.2.2)
    buildr (1.5.3)
      atoulme-Antwrap (= 0.7.5)
      builder (= 3.2.2)
      bundler
      diff-lcs (= 1.2.5)
      json_pure (= 1.8.3)
      minitar (= 0.5.4)
      net-sftp (= 2.1.2)
      net-ssh (= 3.1.1)
      rake (= 0.9.2.2)
      rjb (= 1.5.4)
      rubyzip (= 1.2.0)
      xml-simple (= 1.1.5)
    chronic (0.10.2)
    diff-lcs (1.2.5)
    fattr (2.3.0)
    json_pure (1.8.3)
    main (6.2.2)
      arrayfields (~> 4.7, >= 4.7.4)
      chronic (~> 0.6, >= 0.6.2)
      fattr (~> 2.2, >= 2.2.0)
      map (~> 6.1, >= 6.1.0)
    map (6.6.0)
    minitar (0.5.4)
    net-sftp (2.1.2)
      net-ssh (>= 2.6.5)
    net-ssh (3.1.1)
    open4 (1.3.4)
    rake (0.9.2.2)
    reality-core (1.8.0)
    reality-facets (1.8.0)
      reality-core (>= 1.8.0)
      reality-naming (>= 1.9.0)
      reality-orderedhash (>= 1.0.0)
    reality-generators (1.13.0)
      reality-core (>= 1.7.0)
      reality-naming (>= 1.9.0)
      reality-orderedhash (>= 1.0.0)
    reality-mda (1.7.0)
      reality-core (>= 1.8.0)
      reality-facets (>= 1.8.0)
      reality-generators (>= 1.12.0)
      reality-model (>= 1.2.0)
      reality-naming (>= 1.9.0)
      reality-orderedhash (>= 1.0.0)
    reality-model (1.2.0)
      reality-core (>= 1.8.0)
      reality-naming (>= 1.9.0)
      reality-orderedhash (>= 1.0.0)
    reality-naming (1.9.0)
    reality-orderedhash (1.0.0)
    rjb (1.5.4)
    rubyzip (1.2.0)
    schmooze (0.1.6)
    xml-simple (1.1.5)

PLATFORMS
  ruby

DEPENDENCIES
  braid (= 1.0.20)
  buildr (= 1.5.3)
  noft (= 1.0.0)!

BUNDLED WITH
   1.14.6
